PATH
  remote: .
  specs:
    table_craft (0.1.0)
      htmlbeautifier
      phlex
      rake (~> 13.0)
      w3c_validators
      zeitwerk

GEM
  remote: https://rubygems.org/
  specs:
    ast (2.4.2)
    cgi (0.3.6)
    concurrent-ruby (1.2.2)
    diff-lcs (1.5.0)
    erb (4.0.2)
      cgi (>= 0.3.3)
    htmlbeautifier (1.4.2)
    json (2.6.3)
    language_server-protocol (3.17.0.3)
    nokogiri (1.15.3-x86_64-darwin)
      racc (~> 1.4)
    parallel (1.23.0)
    parser (3.2.2.3)
      ast (~> 2.4.1)
      racc
    phlex (1.8.1)
      concurrent-ruby (~> 1.2)
      erb (>= 4)
      zeitwerk (~> 2.6)
    racc (1.7.1)
    rainbow (3.1.1)
    rake (13.0.6)
    regexp_parser (2.8.1)
    rexml (3.2.5)
    rspec (3.12.0)
      rspec-core (~> 3.12.0)
      rspec-expectations (~> 3.12.0)
      rspec-mocks (~> 3.12.0)
    rspec-core (3.12.2)
      rspec-support (~> 3.12.0)
    rspec-expectations (3.12.3)
      diff-lcs (>= 1.2.0, < 2.0)
      rspec-support (~> 3.12.0)
    rspec-mocks (3.12.6)
      diff-lcs (>= 1.2.0, < 2.0)
      rspec-support (~> 3.12.0)
    rspec-support (3.12.1)
    rubocop (1.55.0)
      json (~> 2.3)
      language_server-protocol (>= 3.17.0)
      parallel (~> 1.10)
      parser (>= 3.2.2.3)
      rainbow (>= 2.2.2, < 4.0)
      regexp_parser (>= 1.8, < 3.0)
      rexml (>= 3.2.5, < 4.0)
      rubocop-ast (>= 1.28.1, < 2.0)
      ruby-progressbar (~> 1.7)
      unicode-display_width (>= 2.4.0, < 3.0)
    rubocop-ast (1.29.0)
      parser (>= 3.2.1.0)
    rubocop-capybara (2.18.0)
      rubocop (~> 1.41)
    rubocop-factory_bot (2.23.1)
      rubocop (~> 1.33)
    rubocop-rake (0.6.0)
      rubocop (~> 1.0)
    rubocop-rspec (2.22.0)
      rubocop (~> 1.33)
      rubocop-capybara (~> 2.17)
      rubocop-factory_bot (~> 2.22)
    rubocop-shopify (2.14.0)
      rubocop (~> 1.51)
    ruby-progressbar (1.13.0)
    unicode-display_width (2.4.2)
    w3c_validators (1.3.7)
      json (>= 1.8)
      nokogiri (~> 1.6)
      rexml (~> 3.2)
    zeitwerk (2.6.9)

PLATFORMS
  x86_64-darwin-22

DEPENDENCIES
  rake (~> 13.0)
  rspec (~> 3.0)
  rubocop
  rubocop-rake
  rubocop-rspec
  rubocop-shopify
  table_craft!

BUNDLED WITH
   2.4.17
